GEM
  remote: https://rubygems.org/
  specs:
    net-ssh (3.2.0)
    pg (0.18.4)
    rake (11.2.2)

PLATFORMS
  ruby

DEPENDENCIES
  net-ssh
  pg
  rake

BUNDLED WITH
   1.12.5
